PATH
  remote: .
  specs:
    confetti (0.2.5)
      mustache (= 0.11.2)
      thor (= 0.14.3)

GEM
  remote: http://rubygems.org/
  specs:
    aruba (0.2.6)
      background_process
      cucumber (~> 0.9.4)
    background_process (1.2)
    builder (2.1.2)
    cucumber (0.9.4)
      builder (~> 2.1.2)
      diff-lcs (~> 1.1.2)
      gherkin (~> 2.2.9)
      json (~> 1.4.6)
      term-ansicolor (~> 1.0.5)
    diff-lcs (1.1.2)
    gherkin (2.2.9)
      json (~> 1.4.6)
      term-ansicolor (~> 1.0.5)
    json (1.4.6)
    mustache (0.11.2)
    rspec (2.1.0)
      rspec-core (~> 2.1.0)
      rspec-expectations (~> 2.1.0)
      rspec-mocks (~> 2.1.0)
    rspec-core (2.1.0)
    rspec-expectations (2.1.0)
      diff-lcs (~> 1.1.2)
    rspec-mocks (2.1.0)
    term-ansicolor (1.0.5)
    thor (0.14.3)

PLATFORMS
  ruby

DEPENDENCIES
  aruba
  confetti!
  cucumber
  rspec (~> 2.1.0)
