PATH
  remote: .
  specs:
    confetti (0.9.18)
      mustache (~> 0.11.2)

GEM
  remote: http://rubygems.org/
  specs:
    diff-lcs (1.1.2)
    mustache (0.11.2)
    rspec (2.6.0)
      rspec-core (~> 2.6.0)
      rspec-expectations (~> 2.6.0)
      rspec-mocks (~> 2.6.0)
    rspec-core (2.6.4)
    rspec-expectations (2.6.0)
      diff-lcs (~> 1.1.2)
    rspec-mocks (2.6.0)

PLATFORMS
  ruby

DEPENDENCIES
  confetti!
  rspec (~> 2.6.0)
